GEM
  remote: https://rubygems.org/
  specs:
    activerecord (2.3.15)
      activesupport (= 2.3.15)
    activesupport (2.3.15)
    builder (3.1.4)
    camping (2.1.523)
      mab
      rack (>= 1.0)
    diff-lcs (1.1.3)
    em-proxy (0.1.8)
      eventmachine
    eventmachine (1.0.0)
    i18n (0.6.1)
    iconv (1.0.4)
    json (1.7.6)
    logger (1.2.8)
    mab (0.0.2)
    macaddr (1.6.1)
      systemu (~> 2.5.0)
    mail (2.5.3)
      i18n (>= 0.4.0)
      mime-types (~> 1.16)
      treetop (~> 1.4.8)
    markaby (0.7.2)
      builder (>= 2.0.0)
    mime-types (1.19)
    multi_json (1.5.0)
    mysql (2.9.1)
    polyglot (0.3.3)
    pony (1.4)
      mail (> 2.0)
    rack (1.4.4)
    rake (10.0.3)
    require_all (1.2.1)
    rest-client (1.6.7)
      mime-types (>= 1.16)
    rspec (2.12.0)
      rspec-core (~> 2.12.0)
      rspec-expectations (~> 2.12.0)
      rspec-mocks (~> 2.12.0)
    rspec-core (2.12.2)
    rspec-expectations (2.12.1)
      diff-lcs (~> 1.1.3)
    rspec-mocks (2.12.1)
    sass (3.2.5)
    sequel (3.43.0)
    simplecov (0.7.1)
      multi_json (~> 1.0)
      simplecov-html (~> 0.7.1)
    simplecov-html (0.7.1)
    sqlite3 (1.3.7)
    systemu (2.5.2)
    treetop (1.4.12)
      polyglot
      polyglot (>= 0.3.1)
    uuid (2.3.7)
      macaddr (~> 1.0)

PLATFORMS
  ruby

DEPENDENCIES
  activerecord
  camping
  em-proxy
  iconv (~> 1.0.3)
  json
  logger
  markaby
  mysql
  pony
  rake
  require_all
  rest-client
  rspec
  sass
  sequel
  simplecov
  sqlite3
  uuid
